GEM
  remote: https://rubygems.org/
  specs:
    atk (2.1.0)
      glib2 (= 2.1.0)
    cairo (1.12.8)
      pkg-config
    diff-lcs (1.2.5)
    gdk_pixbuf2 (2.1.0)
      glib2 (= 2.1.0)
    glib2 (2.1.0)
      pkg-config
    gtk2 (2.1.0)
      atk (= 2.1.0)
      gdk_pixbuf2 (= 2.1.0)
      pango (= 2.1.0)
    pango (2.1.0)
      cairo (>= 1.12.5)
      glib2 (= 2.1.0)
    pkg-config (1.1.5)
    rspec (2.14.1)
      rspec-core (~> 2.14.0)
      rspec-expectations (~> 2.14.0)
      rspec-mocks (~> 2.14.0)
    rspec-core (2.14.7)
    rspec-expectations (2.14.5)
      diff-lcs (>= 1.1.3, < 2.0)
    rspec-mocks (2.14.5)

PLATFORMS
  ruby

DEPENDENCIES
  gtk2
  rspec
